GEM
  remote: http://rubygems.org/
  specs:
    git (1.2.5)
    httpclient (2.1.6.1)
    jeweler (1.5.2)
      bundler (~> 1.0.0)
      git (>= 1.2.5)
      rake
    mechanize (1.0.0)
      nokogiri (>= 1.2.1)
    nokogiri (1.4.4)
    progressbar (0.9.0)
    rake (0.8.7)
    rcov (0.9.9)
    shoulda (2.11.3)

PLATFORMS
  ruby

DEPENDENCIES
  bundler (~> 1.0.0)
  httpclient (>= 2.1.6.1)
  jeweler (~> 1.5.2)
  mechanize (>= 1.0.0)
  progressbar (>= 0.9.0)
  rcov
  shoulda
